GEM
  remote: https://rubygems.org/
  specs:
    faraday (0.8.9)
      multipart-post (~> 1.2.0)
    faraday_middleware (0.9.1)
      faraday (>= 0.7.4, < 0.10)
    fredapi (1.0.2)
      faraday (~> 0.8.7)
      faraday_middleware (~> 0.9.0)
      hashie (~> 2.0.5)
    hashie (2.0.5)
    multipart-post (1.2.0)

PLATFORMS
  ruby

DEPENDENCIES
  fredapi
